GEM
  remote: https://rubygems.org/
  specs:
    docile (1.4.0)
    minitest (5.18.0)
    rake (13.0.6)
    rexml (3.4.1)
    simplecov (0.21.2)
      docile (~> 1.1)
      simplecov-html (~> 0.11)
      simplecov_json_formatter (~> 0.1)
    simplecov-cobertura (2.1.0)
      rexml
      simplecov (~> 0.19)
    simplecov-html (0.12.3)
    simplecov_json_formatter (0.1.3)

PLATFORMS
  ruby

DEPENDENCIES
  minitest (~> 5.18)
  rake (~> 13.0.6)
  simplecov (~> 0.21.2)
  simplecov-cobertura (~> 2.1.0)

BUNDLED WITH
   2.4.6
