GEM
  remote: https://rubygems.org/
  specs:
    base64 (0.3.0)
    docile (1.4.1)
    minitest (5.25.5)
    rake (13.3.0)
    rexml (3.4.4)
    simplecov (0.22.0)
      docile (~> 1.1)
      simplecov-html (~> 0.11)
      simplecov_json_formatter (~> 0.1)
    simplecov-cobertura (3.1.0)
      rexml
      simplecov (~> 0.19)
    simplecov-html (0.13.2)
    simplecov_json_formatter (0.1.4)

PLATFORMS
  arm64-darwin-24
  ruby

DEPENDENCIES
  base64 (~> 0.3.0)
  minitest (~> 5.25.5)
  rake (~> 13.3.0)
  simplecov (~> 0.22.0)
  simplecov-cobertura (~> 3.1.0)

BUNDLED WITH
   2.7.2
